GEM
  remote: http://rubygems.org/
  specs:
    htmlentities (4.3.1)
    nokogiri (1.5.9)

PLATFORMS
  ruby

DEPENDENCIES
  htmlentities
  nokogiri
